PATH
  remote: .
  specs:
    qiniu_ng (0.0.2)
      ffi (>= 1.0, < 2.0)

GEM
  remote: https://rubygems.org/
  specs:
    ffi (1.11.3)
    rake (12.3.3)

PLATFORMS
  ruby

DEPENDENCIES
  qiniu_ng!
  rake (~> 12.0)

BUNDLED WITH
   2.1.4
