PATH
  remote: .
  specs:
    qiniu_ng (0.0.2)
      ffi (>= 1.0, < 2.0)

GEM
  remote: https://rubygems.org/
  specs:
    diff-lcs (1.3)
    dotenv (2.7.5)
    ffi (1.11.3)
    ffi (1.11.3-java)
    rake (12.3.3)
    rspec (3.9.0)
      rspec-core (~> 3.9.0)
      rspec-expectations (~> 3.9.0)
      rspec-mocks (~> 3.9.0)
    rspec-core (3.9.1)
      rspec-support (~> 3.9.1)
    rspec-expectations (3.9.0)
      diff-lcs (>= 1.2.0, < 2.0)
      rspec-support (~> 3.9.0)
    rspec-mocks (3.9.1)
      diff-lcs (>= 1.2.0, < 2.0)
      rspec-support (~> 3.9.0)
    rspec-support (3.9.2)
    yard (0.9.24)

PLATFORMS
  java
  ruby

DEPENDENCIES
  dotenv (~> 2.7)
  qiniu_ng!
  rake (~> 12.0)
  rspec (~> 3.9)
  yard (~> 0.9)

BUNDLED WITH
   2.1.4
